PATH
  remote: .
  specs:
    humanname (0.0.1)
      ffi (~> 1.9.1)

GEM
  remote: https://rubygems.org/
  specs:
    diff-lcs (1.2.5)
    ffi (1.9.10)
    rake (10.4.2)
    rspec (3.4.0)
      rspec-core (~> 3.4.0)
      rspec-expectations (~> 3.4.0)
      rspec-mocks (~> 3.4.0)
    rspec-core (3.4.1)
      rspec-support (~> 3.4.0)
    rspec-expectations (3.4.0)
      diff-lcs (>= 1.2.0, < 2.0)
      rspec-support (~> 3.4.0)
    rspec-mocks (3.4.0)
      diff-lcs (>= 1.2.0, < 2.0)
      rspec-support (~> 3.4.0)
    rspec-support (3.4.1)
    rubygems-tasks (0.2.4)

PLATFORMS
  ruby

DEPENDENCIES
  humanname!
  rake (~> 10.4.2)
  rspec (~> 3.4.0)
  rubygems-tasks (~> 0.2.4)

BUNDLED WITH
   1.10.6
